GEM
  remote: https://rubygems.org/
  specs:
    base64 (0.1.1)
    bigdecimal (3.1.5)
    dotenv (2.8.1)
    json (2.7.1)
    multi_json (1.15.0)
    mustermann (3.0.0)
      ruby2_keywords (~> 0.0.1)
    rack (2.2.8)
    rack-protection (3.2.0)
      base64 (>= 0.1.0)
      rack (~> 2.2, >= 2.2.4)
    ruby2_keywords (0.0.5)
    sequel (5.76.0)
      bigdecimal
    sinatra (3.2.0)
      mustermann (~> 3.0)
      rack (~> 2.2, >= 2.2.4)
      rack-protection (= 3.2.0)
      tilt (~> 2.0)
    sinatra-contrib (3.2.0)
      multi_json (>= 0.0.2)
      mustermann (~> 3.0)
      rack-protection (= 3.2.0)
      sinatra (= 3.2.0)
      tilt (~> 2.0)
    tilt (2.2.0)

PLATFORMS
  x86_64-linux

DEPENDENCIES
  dotenv (~> 2.7, >= 2.7.7)
  json
  sequel
  sinatra
  sinatra-contrib

BUNDLED WITH
   2.4.13
